GEM
  remote: http://rubygems.org/
  specs:
    RedCloth (4.2.9)
    cri (2.2.1)
    haml (3.1.4)
    nanoc (3.3.2)
      cri (~> 2.2)
    rake (0.9.2)

PLATFORMS
  ruby

DEPENDENCIES
  RedCloth
  haml
  nanoc
  rake
