GEM
  remote: http://rubygems.org/
  specs:
    RedCloth (4.2.9)
    adsf (1.1.1)
      rack (>= 1.0.0)
    cri (2.2.1)
    haml (3.1.4)
    nanoc (3.3.2)
      cri (~> 2.2)
    rack (1.4.1)
    rake (0.9.2)
    systemu (2.5.0)

PLATFORMS
  ruby

DEPENDENCIES
  RedCloth
  adsf
  haml
  nanoc
  rake
  systemu
